PATH
  remote: .
  specs:
    printer (1.0.0)
      optimist (~> 3.0.0)
      rack-robustness (~> 1.1.0)
      rubyzip (~> 2.3.0)
      sinatra (~> 2.0.5)
      sinatra-contrib (~> 2.0.5)
      singlogger (~> 0.0.0)
      thin (~> 1.7.2)

GEM
  remote: https://rubygems.org/
  specs:
    ast (2.4.2)
    backports (3.21.0)
    daemons (1.4.1)
    docile (1.1.5)
    eventmachine (1.2.7)
    json (2.5.1)
    multi_json (1.15.0)
    mustermann (1.1.1)
      ruby2_keywords (~> 0.0.1)
    optimist (3.0.1)
    parallel (1.21.0)
    parser (3.0.2.0)
      ast (~> 2.4.1)
    power_assert (2.0.1)
    rack (2.2.3)
    rack-protection (2.0.8.1)
      rack
    rack-robustness (1.1.0)
    rainbow (3.0.0)
    rake (10.5.0)
    regexp_parser (2.1.1)
    rexml (3.2.5)
    rubocop (0.89.1)
      parallel (~> 1.10)
      parser (>= 2.7.1.1)
      rainbow (>= 2.2.2, < 4.0)
      regexp_parser (>= 1.7)
      rexml
      rubocop-ast (>= 0.3.0, < 1.0)
      ruby-progressbar (~> 1.7)
      unicode-display_width (>= 1.4.0, < 2.0)
    rubocop-ast (0.8.0)
      parser (>= 2.7.1.5)
    ruby-progressbar (1.11.0)
    ruby2_keywords (0.0.5)
    rubyzip (2.3.2)
    simplecov (0.14.1)
      docile (~> 1.1.0)
      json (>= 1.8, < 3)
      simplecov-html (~> 0.10.0)
    simplecov-html (0.10.2)
    sinatra (2.0.8.1)
      mustermann (~> 1.0)
      rack (~> 2.0)
      rack-protection (= 2.0.8.1)
      tilt (~> 2.0)
    sinatra-contrib (2.0.8.1)
      backports (>= 2.8.2)
      multi_json
      mustermann (~> 1.0)
      rack-protection (= 2.0.8.1)
      sinatra (= 2.0.8.1)
      tilt (~> 2.0)
    singlogger (0.0.1)
    test-unit (3.2.9)
      power_assert
    thin (1.7.2)
      daemons (~> 1.0, >= 1.0.9)
      eventmachine (~> 1.0, >= 1.0.4)
      rack (>= 1, < 3)
    tilt (2.0.10)
    unicode-display_width (1.8.0)

PLATFORMS
  x86_64-linux

DEPENDENCIES
  bundler
  printer!
  rake (~> 10.0)
  rubocop (~> 0.89.1)
  simplecov (~> 0.14.1)
  test-unit (~> 3.2.8)

BUNDLED WITH
   2.2.22